PATH
  remote: .
  specs:
    tiltout (1.4.0)
      tilt (~> 1.3)

GEM
  remote: http://rubygems.org/
  specs:
    builder (3.2.2)
    ci_reporter (1.9.0)
      builder (>= 2.1.2)
    metaclass (0.0.1)
    minitest (2.12.1)
    mocha (0.12.7)
      metaclass (~> 0.0.1)
    multi_json (1.7.7)
    rake (0.9.2.2)
    rcov (1.0.0)
    simplecov (0.7.1)
      multi_json (~> 1.0)
      simplecov-html (~> 0.7.1)
    simplecov-html (0.7.1)
    tilt (1.3.3)

PLATFORMS
  ruby

DEPENDENCIES
  ci_reporter
  minitest (~> 2.0)
  mocha
  rake (~> 0.9)
  rcov
  simplecov
  tiltout!
