PATH
  remote: .
  specs:
    tiltout (1.1.0)
      tilt (~> 1.3)

GEM
  remote: http://rubygems.org/
  specs:
    metaclass (0.0.1)
    minitest (2.12.1)
    mocha (0.12.6)
      metaclass (~> 0.0.1)
    rake (0.9.2.2)
    tilt (1.3.3)

PLATFORMS
  ruby

DEPENDENCIES
  minitest (~> 2.0)
  mocha
  rake (~> 0.9)
  tiltout!
